PATH
  remote: .
  specs:
    astrails-safe (0.3.1)
      aws-s3
      cloudfiles
      net-sftp

GEM
  remote: https://rubygems.org/
  specs:
    awesome_print (1.9.2)
    aws-s3 (0.6.3)
      builder
      mime-types
      xml-simple
    builder (3.2.4)
    cloudfiles (1.5.0.3)
      json
    diff-lcs (1.5.0)
    json (2.6.3)
    mime-types (3.4.1)
      mime-types-data (~> 3.2015)
    mime-types-data (3.2023.0218.1)
    net-sftp (4.0.0)
      net-ssh (>= 5.0.0, < 8.0.0)
    net-ssh (7.1.0)
    rake (13.0.6)
    rexml (3.2.5)
    rr (1.0.5)
    rspec (3.12.0)
      rspec-core (~> 3.12.0)
      rspec-expectations (~> 3.12.0)
      rspec-mocks (~> 3.12.0)
    rspec-core (3.12.2)
      rspec-support (~> 3.12.0)
    rspec-expectations (3.12.3)
      diff-lcs (>= 1.2.0, < 2.0)
      rspec-support (~> 3.12.0)
    rspec-mocks (3.12.5)
      diff-lcs (>= 1.2.0, < 2.0)
      rspec-support (~> 3.12.0)
    rspec-support (3.12.0)
    xml-simple (1.1.9)
      rexml

PLATFORMS
  arm64-darwin-22
  x86_64-linux

DEPENDENCIES
  astrails-safe!
  awesome_print
  rake
  rr (~> 1.0.4)
  rspec

BUNDLED WITH
   2.4.13
